GEM
  remote: https://rubygems.org/
  specs:
    nio4r (2.5.2)
    puma (4.2.1)
      nio4r (~> 2.0)
    rack (2.0.7)

PLATFORMS
  ruby

DEPENDENCIES
  puma
  rack

RUBY VERSION
   ruby 2.6.5p114

BUNDLED WITH
   2.0.2
