GEM
  remote: https://rubygems.org/
  specs:
    a9n (0.10.0)
    colorize (0.8.1)
    faraday (0.17.1)
      multipart-post (>= 1.2, < 3)
    multipart-post (2.1.1)
    nio4r (2.5.2)
    puma (4.3.5)
      nio4r (~> 2.0)
    rack (2.1.4)
    thor (1.0.1)
    vidar (0.13.1)
      colorize
      faraday
      thor (>= 0.20, < 2.0)

PLATFORMS
  ruby

DEPENDENCIES
  a9n
  puma
  rack
  vidar

RUBY VERSION
   ruby 2.6.5p114

BUNDLED WITH
   2.0.2
