GEM
  remote: https://rubygems.org/
  specs:
    puma (3.11.0)
    rack (2.0.3)

PLATFORMS
  ruby

DEPENDENCIES
  puma
  rack

RUBY VERSION
   ruby 2.4.2p198

BUNDLED WITH
   1.16.0
